GEM
  remote: https://rubygems.org/
  specs:
    nuget (2.8.50126.400)
    rake (12.3.3)

PLATFORMS
  ruby
  x86-mingw32

DEPENDENCIES
  nuget!
  rake!
